GEM
  remote: http://rubygems.org/
  specs:
    RedCloth (4.3.2)
    activesupport (3.0.3)
    albino (1.3.3)
      posix-spawn (>= 0.3.6)
    classifier (1.3.3)
      fast-stemmer (>= 1.0.0)
    directory_watcher (1.4.1)
    fast-stemmer (1.0.0)
    feminizer (1.0.3)
      activesupport
      nokogiri
      without_accents (= 0.9.0)
    haml (3.1.3)
    jekyll (0.11.0)
      albino (>= 1.3.2)
      classifier (>= 1.3.1)
      directory_watcher (>= 1.1.1)
      kramdown (>= 0.13.2)
      liquid (>= 1.9.0)
      maruku (>= 0.5.9)
    kramdown (0.13.3)
    liquid (2.3.0)
    maruku (0.7.2)
    mini_portile2 (2.5.1)
    nokogiri (1.11.4)
      mini_portile2 (~> 2.5.0)
      racc (~> 1.4)
    posix-spawn (0.3.6)
    racc (1.5.2)
    rack (1.3.5)
    rack-contrib (1.1.0)
      rack (>= 0.9.1)
    rake (0.9.2)
    shotgun (0.9)
      rack (>= 1.0)
    utf8_utils (2.0.1)
    without_accents (0.9.0)
      utf8_utils

PLATFORMS
  ruby

DEPENDENCIES
  RedCloth
  feminizer (= 1.0.3)
  haml
  jekyll
  rack-contrib
  rake
  shotgun

BUNDLED WITH
   1.17.2
